GEM
  remote: https://rubygems.org/
  specs:
    algorithms (0.6.1)
    diff-lcs (1.2.5)
    rgl (0.5.1)
      algorithms (~> 0.6.1)
      stream (~> 0.5.0)
    rspec (3.3.0)
      rspec-core (~> 3.3.0)
      rspec-expectations (~> 3.3.0)
      rspec-mocks (~> 3.3.0)
    rspec-core (3.3.2)
      rspec-support (~> 3.3.0)
    rspec-expectations (3.3.1)
      diff-lcs (>= 1.2.0, < 2.0)
      rspec-support (~> 3.3.0)
    rspec-mocks (3.3.2)
      diff-lcs (>= 1.2.0, < 2.0)
      rspec-support (~> 3.3.0)
    rspec-support (3.3.0)
    stream (0.5)

PLATFORMS
  ruby
  x86-mingw32

DEPENDENCIES
  rgl
  rspec (~> 3.0)

BUNDLED WITH
   1.10.6
